PATH
  remote: .
  specs:
    deepsearch-rb (0.1.0)
      async (>= 2.0)
      nokogiri (>= 1.10)
      ruby_llm (~> 1.0)

GEM
  remote: https://rubygems.org/
  specs:
    async (2.25.0)
      console (~> 1.29)
      fiber-annotation
      io-event (~> 1.11)
      metrics (~> 0.12)
      traces (~> 0.15)
    base64 (0.3.0)
    console (1.31.0)
      fiber-annotation
      fiber-local (~> 1.1)
      json
    event_stream_parser (1.0.0)
    faraday (2.13.2)
      faraday-net_http (>= 2.0, < 3.5)
      json
      logger
    faraday-multipart (1.1.1)
      multipart-post (~> 2.0)
    faraday-net_http (3.4.1)
      net-http (>= 0.5.0)
    faraday-retry (2.3.2)
      faraday (~> 2.0)
    fiber-annotation (0.2.0)
    fiber-local (1.1.0)
      fiber-storage
    fiber-storage (1.0.1)
    io-event (1.11.2)
    json (2.12.2)
    logger (1.7.0)
    marcel (1.0.4)
    metrics (0.12.2)
    minitest (5.25.5)
    multipart-post (2.4.1)
    net-http (0.6.0)
      uri
    nokogiri (1.18.8-x86_64-darwin)
      racc (~> 1.4)
    nokogiri (1.18.8-x86_64-linux-gnu)
      racc (~> 1.4)
    ostruct (0.6.1)
    racc (1.8.1)
    rake (13.3.0)
    ruby_llm (1.3.1)
      base64
      event_stream_parser (~> 1)
      faraday (>= 1.10.0)
      faraday-multipart (>= 1)
      faraday-net_http (>= 1)
      faraday-retry (>= 1)
      marcel (~> 1.0)
      zeitwerk (~> 2)
    traces (0.15.2)
    uri (1.0.3)
    yard (0.9.37)
    zeitwerk (2.7.3)

PLATFORMS
  x86_64-darwin-24
  x86_64-linux

DEPENDENCIES
  bundler (>= 2.0)
  deepsearch-rb!
  minitest (>= 5.0)
  ostruct
  rake (>= 13.0)
  yard (>= 0.9)

BUNDLED WITH
   2.6.9
